GEM
  remote: http://rubygems.org/
  specs:
    activemodel (3.0.10)
      activesupport (= 3.0.10)
      builder (~> 2.1.2)
      i18n (~> 0.5.0)
    activerecord (3.0.10)
      activemodel (= 3.0.10)
      activesupport (= 3.0.10)
      arel (~> 2.0.10)
      tzinfo (~> 0.3.23)
    activesupport (3.0.10)
    arel (2.0.10)
    authlogic (3.0.3)
      activerecord (>= 3.0.7)
      activerecord (>= 3.0.7)
    babosa (0.3.5)
    bcrypt-ruby (3.0.1)
    builder (2.1.2)
    friendly_id (3.3.0.1)
      babosa (~> 0.3.0)
    httparty (0.8.1)
      multi_json
      multi_xml
    i18n (0.5.0)
    json (1.6.1)
    muck-engine (3.3.18)
      overlord
      validation_reflection
      will_paginate (~> 3.0.0)
    multi_json (1.0.3)
    multi_xml (0.4.1)
    overlord (3.0.2)
      httparty
      json
    tzinfo (0.3.30)
    validation_reflection (1.0.0)
    will_paginate (3.0.2)

PLATFORMS
  ruby

DEPENDENCIES
  authlogic
  bcrypt-ruby
  friendly_id
  muck-engine
